GIT
  remote: https://github.com/jquery-ui-rails/jquery-ui-rails
  revision: c7460b447589eb04aa948ecaf0d1245c88f6ff45
  specs:
    jquery-ui-rails (7.0.0)
      railties (>= 3.2.16)

GIT
  remote: https://github.com/mmotherwell/best_in_place
  revision: 88eb3052623a9a6cd346864d2aca05021c2f80d0
  specs:
    best_in_place (3.1.1)
      actionpack (>= 3.2)
      railties (>= 3.2)

GIT
  remote: https://github.com/samvera/noid-rails
  revision: 7373e854ebddde5c062635cd91e85118d769a19a
  specs:
    noid-rails (3.1.0)
      actionpack (>= 5.0.0, < 7.2)
      noid (~> 0.9)

GIT
  remote: https://github.com/smntb/paperclip-compression
  revision: d13a61e7aa0ea06c57adaec1611a3eb3b30189c1
  specs:
    paperclip-compression (2.0.0)
      kt-paperclip (>= 7.0.1)
      os (~> 1.0.0)

GIT
  remote: https://github.com/smntb/webvtt-ruby
  revision: 73e494f1aa5d5f426995c0308cc529ec3e3e68b3
  specs:
    webvtt-ruby (0.3.3)

GIT
  remote: https://github.com/smntb/yomu
  revision: e5a05db9b91c863e0d4823878cfbf399dad9dc7f
  branch: v0.1.11
  specs:
    yomu (0.1.11)
      mime-types (~> 1.23)

GEM
  remote: https://rails-assets.org/
  specs:
    rails-assets-jquery (3.7.1)

GEM
  remote: https://rubygems.org/
  specs:
    acme-client (2.0.18)
      faraday (>= 1.0, < 3.0.0)
      faraday-retry (>= 1.0, < 3.0.0)
    actioncable (7.1.5.1)
      actionpack (= 7.1.5.1)
      activesupport (= 7.1.5.1)
      nio4r (~> 2.0)
      websocket-driver (>= 0.6.1)
      zeitwerk (~> 2.6)
    actionmailbox (7.1.5.1)
      actionpack (= 7.1.5.1)
      activejob (= 7.1.5.1)
      activerecord (= 7.1.5.1)
      activestorage (= 7.1.5.1)
      activesupport (= 7.1.5.1)
      mail (>= 2.7.1)
      net-imap
      net-pop
      net-smtp
    actionmailer (7.1.5.1)
      actionpack (= 7.1.5.1)
      actionview (= 7.1.5.1)
      activejob (= 7.1.5.1)
      activesupport (= 7.1.5.1)
      mail (~> 2.5, >= 2.5.4)
      net-imap
      net-pop
      net-smtp
      rails-dom-testing (~> 2.2)
    actionpack (7.1.5.1)
      actionview (= 7.1.5.1)
      activesupport (= 7.1.5.1)
      nokogiri (>= 1.8.5)
      racc
      rack (>= 2.2.4)
      rack-session (>= 1.0.1)
      rack-test (>= 0.6.3)
      rails-dom-testing (~> 2.2)
      rails-html-sanitizer (~> 1.6)
    actionpack-action_caching (1.2.2)
      actionpack (>= 4.0.0)
    actionpack-page_caching (1.2.4)
      actionpack (>= 4.0.0)
    actiontext (7.1.5.1)
      actionpack (= 7.1.5.1)
      activerecord (= 7.1.5.1)
      activestorage (= 7.1.5.1)
      activesupport (= 7.1.5.1)
      globalid (>= 0.6.0)
      nokogiri (>= 1.8.5)
    actionview (7.1.5.1)
      activesupport (= 7.1.5.1)
      builder (~> 3.1)
      erubi (~> 1.11)
      rails-dom-testing (~> 2.2)
      rails-html-sanitizer (~> 1.6)
    activejob (7.1.5.1)
      activesupport (= 7.1.5.1)
      globalid (>= 0.3.6)
    activemodel (7.1.5.1)
      activesupport (= 7.1.5.1)
    activemodel-serializers-xml (1.0.2)
      activemodel (> 5.x)
      activesupport (> 5.x)
      builder (~> 3.1)
    activerecord (7.1.5.1)
      activemodel (= 7.1.5.1)
      activesupport (= 7.1.5.1)
      timeout (>= 0.4.0)
    activerecord_json_validator (3.0.0)
      activerecord (>= 4.2.0, < 8)
      json_schemer (~> 2.2)
    activestorage (7.1.5.1)
      actionpack (= 7.1.5.1)
      activejob (= 7.1.5.1)
      activerecord (= 7.1.5.1)
      activesupport (= 7.1.5.1)
      marcel (~> 1.0)
    activesupport (7.1.5.1)
      base64
      benchmark (>= 0.3)
      bigdecimal
      concurrent-ruby (~> 1.0, >= 1.0.2)
      connection_pool (>= 2.2.5)
      drb
      i18n (>= 1.6, < 2)
      logger (>= 1.4.2)
      minitest (>= 5.1)
      mutex_m
      securerandom (>= 0.3)
      tzinfo (~> 2.0)
    addressable (2.8.7)
      public_suffix (>= 2.0.2, < 7.0)
    ahoy_matey (4.0.2)
      activesupport (>= 5.2)
      device_detector
      safely_block (>= 0.2.1)
    airbrussh (1.5.2)
      sshkit (>= 1.6.1, != 1.7.0)
    ansi (1.5.0)
    archive-zip (0.12.0)
      io-like (~> 0.3.0)
    ast (2.4.2)
    aws-eventstream (1.3.0)
    aws-partitions (1.958.0)
    aws-sdk-core (3.201.3)
      aws-eventstream (~> 1, >= 1.3.0)
      aws-partitions (~> 1, >= 1.651.0)
      aws-sigv4 (~> 1.8)
      jmespath (~> 1, >= 1.6.1)
    aws-sdk-elastictranscoder (1.0.1)
      aws-sdk-core (~> 3)
      aws-sigv4 (~> 1.0)
    aws-sdk-glacier (1.0.0)
      aws-sdk-core (~> 3)
      aws-sigv4 (~> 1.0)
    aws-sdk-kms (1.88.0)
      aws-sdk-core (~> 3, >= 3.201.0)
      aws-sigv4 (~> 1.5)
    aws-sdk-s3 (1.156.0)
      aws-sdk-core (~> 3, >= 3.201.0)
      aws-sdk-kms (~> 1)
      aws-sigv4 (~> 1.5)
    aws-sigv4 (1.9.0)
      aws-eventstream (~> 1, >= 1.0.2)
    base64 (0.2.0)
    bcrypt (3.1.20)
    bcrypt_pbkdf (1.1.1)
    bcrypt_pbkdf (1.1.1-arm64-darwin)
    bcrypt_pbkdf (1.1.1-x86_64-darwin)
    benchmark (0.4.0)
    better_errors (2.10.1)
      erubi (>= 1.0.0)
      rack (>= 0.9.0)
      rouge (>= 1.0.0)
    bigdecimal (3.1.8)
    bindata (2.4.15)
    bindex (0.8.1)
    binding_of_caller (1.0.1)
      debug_inspector (>= 1.2.0)
    blacklight (7.37.0)
      deprecation
      globalid
      hashdiff
      i18n (>= 1.7.0)
      jbuilder (~> 2.7)
      kaminari (>= 0.15)
      ostruct (>= 0.3.2)
      rails (>= 5.1, < 7.2)
      view_component (>= 2.66, < 4)
    blacklight_advanced_search (7.0.0)
      blacklight (~> 7.0)
      parslet
    blacklight_range_limit (8.1.0)
      blacklight (~> 7.0)
    block-is-hash (0.0.3)
    bootsnap (1.18.3)
      msgpack (~> 1.2)
    bootstrap-datepicker-rails (1.10.0.1)
      railties (>= 3.0)
    bootstrap-daterangepicker-rails (3.0.4)
      railties (>= 4.0)
    bootstrap-tagsinput-rails (0.4.2.1)
      railties (>= 3.1)
    bootstrap_tokenfield_rails (0.12.1)
    breadcrumbs_on_rails (4.1.0)
      railties (>= 5.0)
    browser (6.0.0)
    builder (3.3.0)
    byebug (11.1.3)
    cancancan (3.6.1)
    capistrano (3.19.1)
      airbrussh (>= 1.0.0)
      i18n
      rake (>= 10.0.0)
      sshkit (>= 1.9.0)
    capistrano-bundler (2.1.0)
      capistrano (~> 3.1)
    capistrano-rails (1.6.3)
      capistrano (~> 3.1)
      capistrano-bundler (>= 1.1, < 3)
    capistrano-rbenv (2.2.0)
      capistrano (~> 3.1)
      sshkit (~> 1.3)
    capistrano3-puma (1.2.1)
      capistrano (~> 3.0)
      puma (>= 2.6)
    capybara (3.36.0)
      addressable
      matrix
      mini_mime (>= 0.1.3)
      nokogiri (~> 1.8)
      rack (>= 1.6.0)
      rack-test (>= 0.6.3)
      regexp_parser (>= 1.5, < 3.0)
      xpath (~> 3.2)
    capybara-screenshot (1.0.26)
      capybara (>= 1.0, < 4)
      launchy
    character_set (1.8.0)
    childprocess (4.1.0)
    choice (0.2.0)
    chromedriver-helper (2.1.1)
      archive-zip (~> 0.10)
      nokogiri (~> 1.8)
    chunky_png (1.4.0)
    city-state (1.1.0)
      rubyzip (>= 2.3)
    client_side_validations (22.2.0)
      js_regex (~> 3.7)
      rails (>= 6.1, < 8.0)
    climate_control (1.2.0)
    clipboard-rails (1.7.1)
    cocoon (1.2.15)
    codacy-coverage (2.2.1)
      simplecov
    coderay (1.1.3)
    coffee-rails (5.0.0)
      coffee-script (>= 2.2.0)
      railties (>= 5.2.0)
    coffee-script (2.4.1)
      coffee-script-source
      execjs
    coffee-script-source (1.12.2)
    concurrent-ruby (1.3.4)
    connection_pool (2.4.1)
    countries (6.0.1)
      unaccent (~> 0.3)
    country_select (9.0.0)
      countries (> 5.0, < 7.0)
    crass (1.0.6)
    csv (3.3.0)
    curb (1.0.5)
    database_cleaner (2.0.2)
      database_cleaner-active_record (>= 2, < 3)
    database_cleaner-active_record (2.2.0)
      activerecord (>= 5.a)
      database_cleaner-core (~> 2.0.0)
    database_cleaner-core (2.0.1)
    date (3.4.1)
    debug_inspector (1.2.0)
    deprecation (1.1.0)
      activesupport
    device_detector (1.1.3)
    devise (4.9.4)
      bcrypt (~> 3.0)
      orm_adapter (~> 0.1)
      railties (>= 4.1.0)
      responders
      warden (~> 1.2.3)
    devise_invitable (2.0.9)
      actionmailer (>= 5.0)
      devise (>= 4.6)
    devise_token_auth (1.2.3)
      bcrypt (~> 3.0)
      devise (> 3.5.2, < 5)
      rails (>= 4.2.0, < 7.2)
    diff-lcs (1.5.1)
    docile (1.4.1)
    docx (0.8.0)
      nokogiri (~> 1.13, >= 1.13.0)
      rubyzip (~> 2.0)
    domain_name (0.6.20240107)
    dotenv (3.1.2)
    dotenv-rails (3.1.2)
      dotenv (= 3.1.2)
      railties (>= 6.1)
    down (5.4.2)
      addressable (~> 2.8)
    draper (4.0.2)
      actionpack (>= 5.0)
      activemodel (>= 5.0)
      activemodel-serializers-xml (>= 1.0)
      activesupport (>= 5.0)
      request_store (>= 1.0)
      ruby2_keywords
    drb (2.2.1)
    dry-core (1.0.1)
      concurrent-ruby (~> 1.0)
      zeitwerk (~> 2.6)
    dry-events (1.0.1)
      concurrent-ruby (~> 1.0)
      dry-core (~> 1.0, < 2)
    dry-matcher (1.0.0)
      dry-core (~> 1.0, < 2)
    dry-monads (1.6.0)
      concurrent-ruby (~> 1.0)
      dry-core (~> 1.0, < 2)
      zeitwerk (~> 2.6)
    dry-transaction (0.16.0)
      dry-core (~> 1.0)
      dry-events (~> 1.0)
      dry-matcher (~> 1.0)
      dry-monads (~> 1.6)
    ed25519 (1.3.0)
    erubi (1.13.0)
    eventmachine (1.2.7)
    excon (0.111.0)
    execjs (2.9.1)
    factory_bot (6.4.6)
      activesupport (>= 5.0.0)
    factory_bot_rails (6.4.3)
      factory_bot (~> 6.4)
      railties (>= 5.0.0)
    faraday (2.10.0)
      faraday-net_http (>= 2.0, < 3.2)
      logger
    faraday-net_http (3.1.1)
      net-http
    faraday-retry (2.2.1)
      faraday (~> 2.0)
    faye-websocket (0.11.3)
      eventmachine (>= 0.12.0)
      websocket-driver (>= 0.5.1)
    ffi (1.15.5)
    ffi-compiler (1.3.2)
      ffi (>= 1.15.5)
      rake
    fog-aws (3.24.0)
      fog-core (~> 2.1)
      fog-json (~> 1.1)
      fog-xml (~> 0.1)
    fog-core (2.4.0)
      builder
      excon (~> 0.71)
      formatador (>= 0.2, < 2.0)
      mime-types
    fog-json (1.2.0)
      fog-core
      multi_json (~> 1.10)
    fog-xml (0.1.4)
      fog-core
      nokogiri (>= 1.5.11, < 2.0.0)
    formatador (1.1.0)
    geoip (1.6.4)
    globalid (1.2.1)
      activesupport (>= 6.1)
    hana (1.3.7)
    hashdiff (1.1.0)
    hashie (5.0.0)
    hiredis (0.6.3)
    htmlentities (4.3.4)
    httmultiparty (0.3.16)
      httparty (>= 0.7.3)
      mimemagic
      multipart-post
    http (4.4.1)
      addressable (~> 2.3)
      http-cookie (~> 1.0)
      http-form_data (~> 2.2)
      http-parser (~> 1.2.0)
    http-accept (1.7.0)
    http-cookie (1.0.6)
      domain_name (~> 0.5)
    http-form_data (2.3.0)
    http-parser (1.2.3)
      ffi-compiler (>= 1.0, < 2.0)
    httparty (0.22.0)
      csv
      mini_mime (>= 1.0.0)
      multi_xml (>= 0.5.2)
    i18n (1.14.6)
      concurrent-ruby (~> 1.0)
    ibm_cloud_sdk_core (1.1.3)
      concurrent-ruby (~> 1.0)
      http (~> 4.4.0)
      jwt (~> 2.2.1)
    ibm_watson (2.2.0)
      concurrent-ruby (~> 1.0)
      eventmachine (~> 1.2)
      faye-websocket (~> 0.11)
      http (~> 4.4.0)
      ibm_cloud_sdk_core (~> 1.1.3)
      jwt (~> 2.2.1)
    invisible_captcha (2.3.0)
      rails (>= 5.2)
    io-console (0.8.0)
    io-like (0.3.1)
    ip2location_ruby (8.7.3)
      bindata (~> 2.4.15)
    irb (1.14.1)
      rdoc (>= 4.0.0)
      reline (>= 0.4.2)
    iso-639 (0.3.6)
    iso8601 (0.13.0)
    jbuilder (2.12.0)
      actionview (>= 5.0.0)
      activesupport (>= 5.0.0)
    jmespath (1.6.2)
    jquery-datatables (1.10.20)
    jquery-fileupload-rails (1.0.0)
      actionpack (>= 3.1)
      railties (>= 3.1)
      sassc
    jquery-minicolors-rails (2.2.6.2)
      jquery-rails
      rails (>= 3.2.8)
    jquery-rails (4.6.0)
      rails-dom-testing (>= 1, < 3)
      railties (>= 4.2.0)
      thor (>= 0.14, < 2.0)
    jquery_mask_rails (0.1.0)
    js_regex (3.11.1)
      character_set (~> 1.4)
      regexp_parser (>= 2.6.2, < 3.0.0)
      regexp_property_values (~> 1.0)
    json (2.7.2)
    json_schemer (2.3.0)
      bigdecimal
      hana (~> 1.3)
      regexp_parser (~> 2.0)
      simpleidn (~> 0.2)
    jwt (2.2.3)
    kaminari (1.2.2)
      activesupport (>= 4.1.0)
      kaminari-actionview (= 1.2.2)
      kaminari-activerecord (= 1.2.2)
      kaminari-core (= 1.2.2)
    kaminari-actionview (1.2.2)
      actionview
      kaminari-core (= 1.2.2)
    kaminari-activerecord (1.2.2)
      activerecord
      kaminari-core (= 1.2.2)
    kaminari-core (1.2.2)
    kt-paperclip (7.2.2)
      activemodel (>= 4.2.0)
      activesupport (>= 4.2.0)
      marcel (~> 1.0.1)
      mime-types
      terrapin (>= 0.6.0, < 2.0)
    language_server-protocol (3.17.0.3)
    launchy (2.5.0)
      addressable (~> 2.7)
    letter_opener (1.10.0)
      launchy (>= 2.2, < 4)
    license_finder (7.2.1)
      bundler
      csv (~> 3.2)
      rubyzip (>= 1, < 3)
      thor (~> 1.2)
      tomlrb (>= 1.3, < 2.1)
      with_env (= 1.1.0)
      xml-simple (~> 1.1.9)
    listen (3.9.0)
      rb-fsevent (~> 0.10, >= 0.10.3)
      rb-inotify (~> 0.9, >= 0.9.10)
    logger (1.6.0)
    loofah (2.23.1)
      crass (~> 1.0.2)
      nokogiri (>= 1.12.0)
    mail (2.8.1)
      mini_mime (>= 0.1.1)
      net-imap
      net-pop
      net-smtp
    map-rec (0.0.1)
    marcel (1.0.4)
    matrix (0.4.2)
    maxminddb (0.1.22)
    memoizable (0.4.2)
      thread_safe (~> 0.3, >= 0.3.1)
    meta-tags (2.22.0)
      actionpack (>= 6.0.0, < 8.1)
    method_source (1.1.0)
    mime-types (1.25.1)
    mimemagic (0.4.3)
      nokogiri (~> 1)
      rake
    mini_magick (5.0.1)
    mini_mime (1.1.5)
    minitar (0.9)
    minitest (5.25.4)
    model_attribute (3.2.0)
    momentjs-rails (2.29.4.1)
      railties (>= 3.1)
    msgpack (1.7.2)
    multi_json (1.15.0)
    multi_xml (0.7.1)
      bigdecimal (~> 3.1)
    multipart-post (2.4.1)
    mutex_m (0.3.0)
    mysql2 (0.5.6)
    net-http (0.4.1)
      uri
    net-imap (0.5.8)
      date
      net-protocol
    net-pop (0.1.2)
      net-protocol
    net-protocol (0.2.2)
      timeout
    net-scp (4.0.0)
      net-ssh (>= 2.6.5, < 8.0.0)
    net-sftp (4.0.0)
      net-ssh (>= 5.0.0, < 8.0.0)
    net-smtp (0.5.0)
      net-protocol
    net-ssh (7.2.3)
    net_http_timeout_errors (1.0.0)
    netrc (0.11.0)
    nginx-conf (0.0.10)
      block-is-hash (~> 0)
      map-rec (~> 0)
    nio4r (2.7.4)
    noid (0.9.0)
    nokogiri (1.18.8-arm64-darwin)
      racc (~> 1.4)
    nokogiri (1.18.8-x86_64-darwin)
      racc (~> 1.4)
    nokogiri (1.18.8-x86_64-linux-gnu)
      racc (~> 1.4)
    oga (3.4)
      ast
      ruby-ll (~> 2.1)
    open_uri_redirections (0.2.1)
    orm_adapter (0.5.0)
    os (1.0.1)
    ostruct (0.6.0)
    parallel (1.25.1)
    paranoia (2.6.4)
      activerecord (>= 5.1, < 7.2)
    parser (3.3.4.0)
      ast (~> 2.4.1)
      racc
    parslet (2.0.0)
    pr_geohash (1.0.0)
    pry (0.14.1)
      coderay (~> 1.1)
      method_source (~> 1.0)
    pry-rails (0.3.9)
      pry (>= 0.10.4)
    pry-remote (0.1.8)
      pry (~> 0.9)
      slop (~> 3.0)
    pry-stack_explorer (0.6.1)
      binding_of_caller (~> 1.0)
      pry (~> 0.13)
    psych (5.2.1)
      date
      stringio
    public_suffix (6.0.1)
    puma (6.4.3)
      nio4r (~> 2.0)
    racc (1.8.1)
    rack (3.1.16)
    rack-attack (6.7.0)
      rack (>= 1.0, < 4)
    rack-cors (2.0.2)
      rack (>= 2.0.0)
    rack-session (2.1.1)
      base64 (>= 0.1.0)
      rack (>= 3.0.0)
    rack-test (2.1.0)
      rack (>= 1.3)
    rackup (2.2.1)
      rack (>= 3)
    rails (7.1.5.1)
      actioncable (= 7.1.5.1)
      actionmailbox (= 7.1.5.1)
      actionmailer (= 7.1.5.1)
      actionpack (= 7.1.5.1)
      actiontext (= 7.1.5.1)
      actionview (= 7.1.5.1)
      activejob (= 7.1.5.1)
      activemodel (= 7.1.5.1)
      activerecord (= 7.1.5.1)
      activestorage (= 7.1.5.1)
      activesupport (= 7.1.5.1)
      bundler (>= 1.15.0)
      railties (= 7.1.5.1)
    rails-autocomplete (2.0.1)
      rails (>= 4.0)
    rails-controller-testing (1.0.5)
      actionpack (>= 5.0.1.rc1)
      actionview (>= 5.0.1.rc1)
      activesupport (>= 5.0.1.rc1)
    rails-dom-testing (2.2.0)
      activesupport (>= 5.0.0)
      minitest
      nokogiri (>= 1.6)
    rails-erd (1.7.2)
      activerecord (>= 4.2)
      activesupport (>= 4.2)
      choice (~> 0.2.0)
      ruby-graphviz (~> 1.2)
    rails-html-sanitizer (1.6.1)
      loofah (~> 2.21)
      nokogiri (>= 1.15.7, != 1.16.7, != 1.16.6, != 1.16.5, != 1.16.4, != 1.16.3, != 1.16.2, != 1.16.1, != 1.16.0.rc1, != 1.16.0)
    rails-letsencrypt (0.11.3)
      acme-client (~> 2.0.0)
      actionmailer (>= 6.1)
      actionpack (>= 6.1)
      actionview (>= 6.1)
      activemodel (>= 6.1)
      activerecord (>= 6.1)
      activesupport (>= 6.1)
      railties (>= 6.1)
      redis
    railties (7.1.5.1)
      actionpack (= 7.1.5.1)
      activesupport (= 7.1.5.1)
      irb
      rackup (>= 1.0.0)
      rake (>= 12.2)
      thor (~> 1.0, >= 1.2.2)
      zeitwerk (~> 2.6)
    rainbow (3.1.1)
    rake (13.2.1)
    rb-fsevent (0.11.2)
    rb-inotify (0.11.1)
      ffi (~> 1.0)
    rdoc (6.8.1)
      psych (>= 4.0.0)
    recaptcha (5.17.0)
    redis (4.8.1)
    redis-client (0.22.2)
      connection_pool
    regexp_parser (2.9.2)
    regexp_property_values (1.5.2)
    reline (0.5.12)
      io-console (~> 0.5)
    remove_emoji (3.0.1)
    request_store (1.7.0)
      rack (>= 1.4)
    responders (3.1.1)
      actionpack (>= 5.2)
      railties (>= 5.2)
    rest-client (2.1.0)
      http-accept (>= 1.7.0, < 2.0)
      http-cookie (>= 1.0.2, < 2.0)
      mime-types (>= 1.16, < 4.0)
      netrc (~> 0.8)
    retriable (3.1.2)
    rexml (3.3.9)
    rouge (4.3.0)
    rqrcode (2.2.0)
      chunky_png (~> 1.0)
      rqrcode_core (~> 1.0)
    rqrcode_core (1.2.0)
    rsolr (2.6.0)
      builder (>= 2.1.2)
      faraday (>= 0.9, < 3, != 2.0.0)
    rspec (3.13.0)
      rspec-core (~> 3.13.0)
      rspec-expectations (~> 3.13.0)
      rspec-mocks (~> 3.13.0)
    rspec-activemodel-mocks (1.2.0)
      activemodel (>= 3.0)
      activesupport (>= 3.0)
      rspec-mocks (>= 2.99, < 4.0)
    rspec-core (3.13.0)
      rspec-support (~> 3.13.0)
    rspec-expectations (3.13.1)
      diff-lcs (>= 1.2.0, < 2.0)
      rspec-support (~> 3.13.0)
    rspec-its (1.3.0)
      rspec-core (>= 3.0.0)
      rspec-expectations (>= 3.0.0)
    rspec-mocks (3.13.1)
      diff-lcs (>= 1.2.0, < 2.0)
      rspec-support (~> 3.13.0)
    rspec-rails (6.1.3)
      actionpack (>= 6.1)
      activesupport (>= 6.1)
      railties (>= 6.1)
      rspec-core (~> 3.13)
      rspec-expectations (~> 3.13)
      rspec-mocks (~> 3.13)
      rspec-support (~> 3.13)
    rspec-support (3.13.1)
    rubocop (1.65.0)
      json (~> 2.3)
      language_server-protocol (>= 3.17.0)
      parallel (~> 1.10)
      parser (>= 3.3.0.2)
      rainbow (>= 2.2.2, < 4.0)
      regexp_parser (>= 2.4, < 3.0)
      rexml (>= 3.2.5, < 4.0)
      rubocop-ast (>= 1.31.1, < 2.0)
      ruby-progressbar (~> 1.7)
      unicode-display_width (>= 2.4.0, < 3.0)
    rubocop-ast (1.31.3)
      parser (>= 3.3.1.0)
    rubocop-performance (1.21.1)
      rubocop (>= 1.48.1, < 2.0)
      rubocop-ast (>= 1.31.1, < 2.0)
    rubocop-rails (2.25.1)
      activesupport (>= 4.2.0)
      rack (>= 1.1)
      rubocop (>= 1.33.0, < 2.0)
      rubocop-ast (>= 1.31.1, < 2.0)
    rubocop-rake (0.6.0)
      rubocop (~> 1.0)
    rubocop-rspec (3.0.3)
      rubocop (~> 1.61)
    ruby-graphviz (1.2.5)
      rexml
    ruby-ll (2.1.3)
      ansi
      ast
    ruby-progressbar (1.13.0)
    ruby2_keywords (0.0.5)
    rubyzip (2.3.2)
    safely_block (0.4.0)
    sanitize (6.1.2)
      crass (~> 1.0.2)
      nokogiri (>= 1.12.0)
    sass-rails (6.0.0)
      sassc-rails (~> 2.1, >= 2.1.1)
    sassc (2.4.0)
      ffi (~> 1.9)
    sassc-rails (2.1.2)
      railties (>= 4.0.0)
      sassc (>= 2.0)
      sprockets (> 3.0)
      sprockets-rails
      tilt
    securerandom (0.4.0)
    selenium-webdriver (4.1.0)
      childprocess (>= 0.5, < 5.0)
      rexml (~> 3.2, >= 3.2.5)
      rubyzip (>= 1.2.2)
    shoulda-matchers (5.1.0)
      activesupport (>= 5.2.0)
    sidekiq (7.3.0)
      concurrent-ruby (< 2)
      connection_pool (>= 2.3.0)
      logger
      rack (>= 2.2.4)
      redis-client (>= 0.22.2)
    sidekiq-limit_fetch (4.4.1)
      sidekiq (>= 6)
    simple_form (5.3.1)
      actionpack (>= 5.2)
      activemodel (>= 5.2)
    simple_hubspot (0.1.5)
      rest-client
    simple_uuid (0.4.0)
    simplecov (0.21.2)
      docile (~> 1.1)
      simplecov-html (~> 0.11)
      simplecov_json_formatter (~> 0.1)
    simplecov-html (0.12.3)
    simplecov_json_formatter (0.1.4)
    simpleidn (0.2.3)
    sitemap_generator (6.3.0)
      builder (~> 3.0)
    slop (3.6.0)
    social-share-button (1.2.4)
      coffee-rails
    solr_wrapper (4.0.2)
      http
      minitar
      retriable
      ruby-progressbar
    soundcloud (0.3.7)
      hashie
      httmultiparty (~> 0.3.0)
    spring (4.2.1)
    sprockets (4.2.1)
      concurrent-ruby (~> 1.0)
      rack (>= 2.2.4, < 4)
    sprockets-rails (3.5.1)
      actionpack (>= 6.1)
      activesupport (>= 6.1)
      sprockets (>= 3.0.0)
    sqlite3 (1.7.3-arm64-darwin)
    sqlite3 (1.7.3-x86_64-darwin)
    sqlite3 (1.7.3-x86_64-linux)
    sshkit (1.23.0)
      base64
      net-scp (>= 1.1.2)
      net-sftp (>= 2.1.2)
      net-ssh (>= 2.8.0)
    streamio-ffmpeg (3.0.2)
      multi_json (~> 1.8)
    stringio (3.1.2)
    stripe (5.42.0)
    stripe_event (2.3.1)
      activesupport (>= 3.1)
      stripe (>= 2.8, < 6)
    sunspot (2.7.1)
      bigdecimal
      pr_geohash (~> 1.0)
      rsolr (>= 1.1.1, < 3)
    sunspot_rails (2.7.1)
      rails (>= 5)
      sunspot (= 2.7.1)
    sunspot_solr (2.7.1)
    taxjar-ruby (3.0.4)
      addressable (~> 2.3)
      http (>= 4.3)
      memoizable (~> 0.4.0)
      model_attribute (~> 3.2)
    terrapin (1.0.1)
      climate_control
    thor (1.3.2)
    thread_safe (0.3.6)
    tilt (2.0.10)
    timeout (0.4.3)
    tinymce-rails (5.10.9)
      railties (>= 3.1.1)
    tomlrb (2.0.3)
    treehash (0.0.2)
    turbolinks (5.2.1)
      turbolinks-source (~> 5.2)
    turbolinks-source (5.2.0)
    tzinfo (2.0.6)
      concurrent-ruby (~> 1.0)
    unaccent (0.4.0)
    unicode-display_width (2.5.0)
    uri (0.13.2)
    video_info (4.2.0)
      iso8601 (~> 0.13.0)
      net_http_timeout_errors (~> 1.0.0)
      oga (~> 3.4)
    view_component (3.13.0)
      activesupport (>= 5.2.0, < 8.0)
      concurrent-ruby (~> 1.0)
      method_source (~> 1.0)
    warden (1.2.9)
      rack (>= 2.0.9)
    web-console (4.2.1)
      actionview (>= 6.0.0)
      activemodel (>= 6.0.0)
      bindex (>= 0.4.0)
      railties (>= 6.0.0)
    webdrivers (5.0.0)
      nokogiri (~> 1.6)
      rubyzip (>= 1.3.0)
      selenium-webdriver (~> 4.0)
    websocket-driver (0.7.6)
      websocket-extensions (>= 0.1.0)
    websocket-extensions (0.1.5)
    wicked_pdf (2.8.0)
      activesupport
    with_env (1.1.0)
    with_model (2.1.7)
      activerecord (>= 6.0)
    wkhtmltopdf-binary (0.12.6.7)
    xml-simple (1.1.9)
      rexml
    xpath (3.2.0)
      nokogiri (~> 1.8)
    zeitwerk (2.7.1)

PLATFORMS
  arm64-darwin-21
  arm64-darwin-23
  x86_64-darwin-20
  x86_64-darwin-21
  x86_64-darwin-22
  x86_64-darwin-23
  x86_64-linux

DEPENDENCIES
  actionpack-action_caching
  actionpack-page_caching
  activerecord_json_validator
  ahoy_matey
  aws-sdk-elastictranscoder (~> 1.0.0.rc1)
  aws-sdk-glacier (~> 1.0.0.rc1)
  aws-sdk-s3
  bcrypt_pbkdf (~> 1)
  best_in_place!
  better_errors
  bigdecimal
  binding_of_caller
  blacklight_advanced_search
  blacklight_range_limit
  bootsnap (>= 1.4.4)
  bootstrap-datepicker-rails
  bootstrap-daterangepicker-rails
  bootstrap-tagsinput-rails
  bootstrap_tokenfield_rails
  breadcrumbs_on_rails
  browser
  byebug
  cancancan
  capistrano
  capistrano-rails
  capistrano-rbenv
  capistrano3-puma
  capybara (>= 3.26)
  capybara-screenshot
  chromedriver-helper
  city-state
  client_side_validations
  clipboard-rails
  cocoon
  codacy-coverage
  countries
  country_select
  curb
  database_cleaner
  devise
  devise_invitable
  devise_token_auth
  docx
  dotenv-rails
  down
  draper
  dry-transaction
  ed25519 (~> 1.2)
  factory_bot_rails
  fog-aws
  geoip
  hiredis
  htmlentities
  ibm_watson
  invisible_captcha
  ip2location_ruby
  iso-639
  jbuilder (~> 2.7)
  jquery-datatables
  jquery-fileupload-rails
  jquery-minicolors-rails
  jquery-rails
  jquery-ui-rails!
  jquery_mask_rails (~> 0.1.0)
  kaminari
  kt-paperclip
  letter_opener
  license_finder
  listen (~> 3.3)
  maxminddb
  meta-tags
  mini_magick
  momentjs-rails
  mysql2 (~> 0.5)
  net-imap
  net-pop
  net-sftp
  net-smtp
  nginx-conf
  noid-rails!
  nokogiri
  open_uri_redirections
  paperclip-compression!
  paranoia (~> 2.2)
  pry
  pry-rails
  pry-remote
  pry-stack_explorer
  puma (~> 6.4)
  rack-attack
  rack-cors (>= 1.0.4)
  rails (>= 7.1.5.1)
  rails-assets-jquery!
  rails-autocomplete
  rails-controller-testing
  rails-erd
  rails-letsencrypt
  recaptcha
  redis (~> 4.0)
  remove_emoji
  rest-client
  rqrcode
  rsolr (>= 1.0, < 3)
  rspec
  rspec-activemodel-mocks
  rspec-its
  rspec-rails
  rubocop
  rubocop-ast
  rubocop-performance
  rubocop-rails
  rubocop-rake
  rubocop-rspec
  rubyzip (>= 1.3.0)
  sanitize
  sass-rails (>= 6)
  selenium-webdriver
  shoulda-matchers
  sidekiq
  sidekiq-limit_fetch
  simple_form (>= 5.0.0)
  simple_hubspot
  simple_uuid
  simplecov
  sitemap_generator
  social-share-button
  solr_wrapper (>= 0.3)
  soundcloud
  spring
  sprockets (~> 4)
  sprockets-rails
  sqlite3 (~> 1.7, >= 1.7.3)
  streamio-ffmpeg
  stripe
  stripe_event
  sunspot_rails
  sunspot_solr
  taxjar-ruby
  tinymce-rails (~> 5.0)
  treehash
  turbolinks (~> 5)
  tzinfo-data
  video_info
  web-console (>= 4.1.0)
  webdrivers
  webvtt-ruby!
  wicked_pdf
  with_model
  wkhtmltopdf-binary
  yomu!

RUBY VERSION
   ruby 3.3.4p94

BUNDLED WITH
   2.3.3
