GIT
  remote: https://github.com/jquery-ui-rails/jquery-ui-rails
  revision: c7460b447589eb04aa948ecaf0d1245c88f6ff45
  specs:
    jquery-ui-rails (7.0.0)
      railties (>= 3.2.16)

GIT
  remote: https://github.com/mmotherwell/best_in_place
  revision: 88eb3052623a9a6cd346864d2aca05021c2f80d0
  specs:
    best_in_place (3.1.1)
      actionpack (>= 3.2)
      railties (>= 3.2)

GIT
  remote: https://github.com/smntb/paperclip-compression
  revision: d13a61e7aa0ea06c57adaec1611a3eb3b30189c1
  specs:
    paperclip-compression (2.0.0)
      kt-paperclip (>= 7.0.1)
      os (~> 1.0.0)

GIT
  remote: https://github.com/smntb/webvtt-ruby
  revision: e0541eaebe5f6e1ad94383041cb711a36e1d560c
  specs:
    webvtt-ruby (0.3.3)

GEM
  remote: https://rails-assets.org/
  specs:
    rails-assets-jquery (3.6.0)

GEM
  remote: https://rubygems.org/
  specs:
    acme-client (2.0.9)
      faraday (>= 0.17, < 2.0.0)
    actioncable (6.1.7.7)
      actionpack (= 6.1.7.7)
      activesupport (= 6.1.7.7)
      nio4r (~> 2.0)
      websocket-driver (>= 0.6.1)
    actionmailbox (6.1.7.7)
      actionpack (= 6.1.7.7)
      activejob (= 6.1.7.7)
      activerecord (= 6.1.7.7)
      activestorage (= 6.1.7.7)
      activesupport (= 6.1.7.7)
      mail (>= 2.7.1)
    actionmailer (6.1.7.7)
      actionpack (= 6.1.7.7)
      actionview (= 6.1.7.7)
      activejob (= 6.1.7.7)
      activesupport (= 6.1.7.7)
      mail (~> 2.5, >= 2.5.4)
      rails-dom-testing (~> 2.0)
    actionpack (6.1.7.7)
      actionview (= 6.1.7.7)
      activesupport (= 6.1.7.7)
      rack (~> 2.0, >= 2.0.9)
      rack-test (>= 0.6.3)
      rails-dom-testing (~> 2.0)
      rails-html-sanitizer (~> 1.0, >= 1.2.0)
    actionpack-action_caching (1.2.2)
      actionpack (>= 4.0.0)
    actionpack-page_caching (1.2.4)
      actionpack (>= 4.0.0)
    actiontext (6.1.7.7)
      actionpack (= 6.1.7.7)
      activerecord (= 6.1.7.7)
      activestorage (= 6.1.7.7)
      activesupport (= 6.1.7.7)
      nokogiri (>= 1.8.5)
    actionview (6.1.7.7)
      activesupport (= 6.1.7.7)
      builder (~> 3.1)
      erubi (~> 1.4)
      rails-dom-testing (~> 2.0)
      rails-html-sanitizer (~> 1.1, >= 1.2.0)
    activejob (6.1.7.7)
      activesupport (= 6.1.7.7)
      globalid (>= 0.3.6)
    activemodel (6.1.7.7)
      activesupport (= 6.1.7.7)
    activemodel-serializers-xml (1.0.2)
      activemodel (> 5.x)
      activesupport (> 5.x)
      builder (~> 3.1)
    activerecord (6.1.7.7)
      activemodel (= 6.1.7.7)
      activesupport (= 6.1.7.7)
    activerecord_json_validator (2.1.0)
      activerecord (>= 4.2.0, < 8)
      json_schemer (~> 0.2.18)
    activestorage (6.1.7.7)
      actionpack (= 6.1.7.7)
      activejob (= 6.1.7.7)
      activerecord (= 6.1.7.7)
      activesupport (= 6.1.7.7)
      marcel (~> 1.0)
      mini_mime (>= 1.1.0)
    activesupport (6.1.7.7)
      concurrent-ruby (~> 1.0, >= 1.0.2)
      i18n (>= 1.6, < 2)
      minitest (>= 5.1)
      tzinfo (~> 2.0)
      zeitwerk (~> 2.3)
    addressable (2.8.0)
      public_suffix (>= 2.0.2, < 5.0)
    ahoy_matey (4.0.2)
      activesupport (>= 5.2)
      device_detector
      safely_block (>= 0.2.1)
    airbrussh (1.4.0)
      sshkit (>= 1.6.1, != 1.7.0)
    ansi (1.5.0)
    archive-zip (0.12.0)
      io-like (~> 0.3.0)
    ast (2.4.2)
    attr_encrypted (3.0.3)
      encryptor (~> 3.0.0)
    aws-eventstream (1.2.0)
    aws-partitions (1.543.0)
    aws-sdk-core (3.125.0)
      aws-eventstream (~> 1, >= 1.0.2)
      aws-partitions (~> 1, >= 1.525.0)
      aws-sigv4 (~> 1.1)
      jmespath (~> 1.0)
    aws-sdk-elastictranscoder (1.0.1)
      aws-sdk-core (~> 3)
      aws-sigv4 (~> 1.0)
    aws-sdk-glacier (1.0.0)
      aws-sdk-core (~> 3)
      aws-sigv4 (~> 1.0)
    aws-sdk-kms (1.53.0)
      aws-sdk-core (~> 3, >= 3.125.0)
      aws-sigv4 (~> 1.1)
    aws-sdk-s3 (1.110.0)
      aws-sdk-core (~> 3, >= 3.125.0)
      aws-sdk-kms (~> 1)
      aws-sigv4 (~> 1.4)
    aws-sigv4 (1.4.0)
      aws-eventstream (~> 1, >= 1.0.2)
    bcrypt (3.1.20)
    bcrypt_pbkdf (1.1.0)
    better_errors (2.9.1)
      coderay (>= 1.0.0)
      erubi (>= 1.0.0)
      rack (>= 0.9.0)
    bigdecimal (3.1.1)
    bindata (2.4.10)
    bindex (0.8.1)
    binding_of_caller (1.0.0)
      debug_inspector (>= 0.0.1)
    blacklight (7.35.0)
      deprecation
      globalid
      hashdiff
      i18n (>= 1.7.0)
      jbuilder (~> 2.7)
      kaminari (>= 0.15)
      ostruct (>= 0.3.2)
      rails (>= 5.1, < 7.2)
      view_component (>= 2.66, < 4)
    blacklight_advanced_search (7.0.0)
      blacklight (~> 7.0)
      parslet
    blacklight_range_limit (8.1.0)
      blacklight (~> 7.0)
    block-is-hash (0.0.3)
    bootsnap (1.9.3)
      msgpack (~> 1.0)
    bootstrap-datepicker-rails (1.9.0.1)
      railties (>= 3.0)
    bootstrap-daterangepicker-rails (3.0.4)
      railties (>= 4.0)
    bootstrap-tagsinput-rails (0.4.2.1)
      railties (>= 3.1)
    bootstrap_tokenfield_rails (0.12.1)
    breadcrumbs_on_rails (4.1.0)
      railties (>= 5.0)
    browser (5.3.1)
    builder (3.2.4)
    byebug (11.1.3)
    cancancan (3.3.0)
    capistrano (3.16.0)
      airbrussh (>= 1.0.0)
      i18n
      rake (>= 10.0.0)
      sshkit (>= 1.9.0)
    capistrano-bundler (2.0.1)
      capistrano (~> 3.1)
    capistrano-rails (1.6.1)
      capistrano (~> 3.1)
      capistrano-bundler (>= 1.1, < 3)
    capistrano-rbenv (2.2.0)
      capistrano (~> 3.1)
      sshkit (~> 1.3)
    capistrano3-puma (5.2.0)
      capistrano (~> 3.7)
      capistrano-bundler
      puma (>= 4.0, < 6.0)
    capybara (3.36.0)
      addressable
      matrix
      mini_mime (>= 0.1.3)
      nokogiri (~> 1.8)
      rack (>= 1.6.0)
      rack-test (>= 0.6.3)
      regexp_parser (>= 1.5, < 3.0)
      xpath (~> 3.2)
    capybara-screenshot (1.0.26)
      capybara (>= 1.0, < 4)
      launchy
    character_set (1.5.0)
      sorted_set (~> 1.0)
    childprocess (4.1.0)
    choice (0.2.0)
    chromedriver-helper (2.1.1)
      archive-zip (~> 0.10)
      nokogiri (~> 1.8)
    chunky_png (1.4.0)
    city-state (0.1.0)
      rubyzip (>= 1.1)
    client_side_validations (20.0.2)
      js_regex (~> 3.1)
      rails (>= 5.2, < 7.1)
    climate_control (0.2.0)
    clipboard-rails (1.7.1)
    cocoon (1.2.15)
    codacy-coverage (2.2.1)
      simplecov
    coderay (1.1.3)
    coffee-rails (5.0.0)
      coffee-script (>= 2.2.0)
      railties (>= 5.2.0)
    coffee-script (2.4.1)
      coffee-script-source
      execjs
    coffee-script-source (1.12.2)
    concurrent-ruby (1.2.3)
    connection_pool (2.4.1)
    countries (4.1.2)
      i18n_data (~> 0.15.0)
      sixarm_ruby_unaccent (~> 1.1)
    country_select (6.0.0)
      countries (~> 4.0)
      sort_alphabetical (~> 1.1)
    crass (1.0.6)
    curb (0.9.11)
    database_cleaner (2.0.1)
      database_cleaner-active_record (~> 2.0.0)
    database_cleaner-active_record (2.0.1)
      activerecord (>= 5.a)
      database_cleaner-core (~> 2.0.0)
    database_cleaner-core (2.0.1)
    date (3.3.4)
    debug_inspector (1.1.0)
    deprecation (1.1.0)
      activesupport
    device_detector (1.0.7)
    devise (4.9.3)
      bcrypt (~> 3.0)
      orm_adapter (~> 0.1)
      railties (>= 4.1.0)
      responders
      warden (~> 1.2.3)
    devise_invitable (2.0.9)
      actionmailer (>= 5.0)
      devise (>= 4.6)
    devise_token_auth (1.2.0)
      bcrypt (~> 3.0)
      devise (> 3.5.2, < 5)
      rails (>= 4.2.0, < 6.2)
    diff-lcs (1.5.0)
    docile (1.4.0)
    docx (0.6.2)
      nokogiri (~> 1.10, >= 1.10.4)
      rubyzip (~> 2.0)
    domain_name (0.5.20190701)
      unf (>= 0.0.5, < 1.0.0)
    dotenv (2.7.6)
    dotenv-rails (2.7.6)
      dotenv (= 2.7.6)
      railties (>= 3.2)
    down (5.2.4)
      addressable (~> 2.8)
    draper (4.0.2)
      actionpack (>= 5.0)
      activemodel (>= 5.0)
      activemodel-serializers-xml (>= 1.0)
      activesupport (>= 5.0)
      request_store (>= 1.0)
      ruby2_keywords
    dry-configurable (0.13.0)
      concurrent-ruby (~> 1.0)
      dry-core (~> 0.6)
    dry-container (0.9.0)
      concurrent-ruby (~> 1.0)
      dry-configurable (~> 0.13, >= 0.13.0)
    dry-core (0.7.1)
      concurrent-ruby (~> 1.0)
    dry-events (0.3.0)
      concurrent-ruby (~> 1.0)
      dry-core (~> 0.5, >= 0.5)
    dry-matcher (0.9.0)
      dry-core (~> 0.4, >= 0.4.8)
    dry-monads (1.4.0)
      concurrent-ruby (~> 1.0)
      dry-core (~> 0.7)
    dry-transaction (0.13.3)
      dry-container (>= 0.2.8)
      dry-events (>= 0.1.0)
      dry-matcher (>= 0.7.0)
      dry-monads (>= 0.4.0)
    ecma-re-validator (0.4.0)
      regexp_parser (~> 2.2)
    ed25519 (1.3.0)
    encryptor (3.0.0)
    errbase (0.2.1)
    erubi (1.12.0)
    eventmachine (1.2.7)
    excon (0.89.0)
    execjs (2.8.1)
    factory_bot (6.2.0)
      activesupport (>= 5.0.0)
    factory_bot_rails (6.2.0)
      factory_bot (~> 6.2.0)
      railties (>= 5.0.0)
    faraday (1.8.0)
      faraday-em_http (~> 1.0)
      faraday-em_synchrony (~> 1.0)
      faraday-excon (~> 1.1)
      faraday-httpclient (~> 1.0.1)
      faraday-net_http (~> 1.0)
      faraday-net_http_persistent (~> 1.1)
      faraday-patron (~> 1.0)
      faraday-rack (~> 1.0)
      multipart-post (>= 1.2, < 3)
      ruby2_keywords (>= 0.0.4)
    faraday-em_http (1.0.0)
    faraday-em_synchrony (1.0.0)
    faraday-excon (1.1.0)
    faraday-httpclient (1.0.1)
    faraday-net_http (1.0.1)
    faraday-net_http_persistent (1.2.0)
    faraday-patron (1.0.0)
    faraday-rack (1.0.0)
    faye-websocket (0.11.1)
      eventmachine (>= 0.12.0)
      websocket-driver (>= 0.5.1)
    ffi (1.15.5)
    ffi-compiler (1.0.1)
      ffi (>= 1.0.0)
      rake
    fog-aws (3.12.0)
      fog-core (~> 2.1)
      fog-json (~> 1.1)
      fog-xml (~> 0.1)
      ipaddress (~> 0.8)
    fog-core (2.2.4)
      builder
      excon (~> 0.71)
      formatador (~> 0.2)
      mime-types
    fog-json (1.2.0)
      fog-core
      multi_json (~> 1.10)
    fog-xml (0.1.4)
      fog-core
      nokogiri (>= 1.5.11, < 2.0.0)
    formatador (0.3.0)
    geoip (1.6.4)
    globalid (1.2.1)
      activesupport (>= 6.1)
    hana (1.3.7)
    hashdiff (1.0.1)
    hashie (5.0.0)
    hiredis (0.6.3)
    htmlentities (4.3.4)
    httmultiparty (0.3.16)
      httparty (>= 0.7.3)
      mimemagic
      multipart-post
    http (4.4.1)
      addressable (~> 2.3)
      http-cookie (~> 1.0)
      http-form_data (~> 2.2)
      http-parser (~> 1.2.0)
    http-accept (1.7.0)
    http-cookie (1.0.4)
      domain_name (~> 0.5)
    http-form_data (2.3.0)
    http-parser (1.2.3)
      ffi-compiler (>= 1.0, < 2.0)
    httparty (0.21.0)
      mini_mime (>= 1.0.0)
      multi_xml (>= 0.5.2)
    i18n (1.14.1)
      concurrent-ruby (~> 1.0)
    i18n_data (0.15.0)
      simple_po_parser (~> 1.1)
    ibm_cloud_sdk_core (1.1.3)
      concurrent-ruby (~> 1.0)
      http (~> 4.4.0)
      jwt (~> 2.2.1)
    ibm_watson (2.1.3)
      concurrent-ruby (~> 1.0)
      eventmachine (~> 1.2)
      faye-websocket (~> 0.11)
      http (~> 4.4.0)
      ibm_cloud_sdk_core (~> 1.1.3)
      jwt (~> 2.2.1)
    invisible_captcha (2.0.0)
      rails (>= 5.0)
    io-like (0.3.1)
    ip2location_ruby (8.3.2)
      bindata
    ipaddress (0.8.3)
    iso-639 (0.3.5)
    iso8601 (0.9.1)
    jbuilder (2.11.5)
      actionview (>= 5.0.0)
      activesupport (>= 5.0.0)
    jmespath (1.6.2)
    jquery-datatables (1.10.20)
    jquery-fileupload-rails (1.0.0)
      actionpack (>= 3.1)
      railties (>= 3.1)
      sassc
    jquery-minicolors-rails (2.2.6.2)
      jquery-rails
      rails (>= 3.2.8)
    jquery-rails (4.4.0)
      rails-dom-testing (>= 1, < 3)
      railties (>= 4.2.0)
      thor (>= 0.14, < 2.0)
    jquery_mask_rails (0.1.0)
    js_regex (3.7.1)
      character_set (~> 1.4)
      regexp_parser (~> 2.1)
      regexp_property_values (~> 1.0)
    json (2.6.1)
    json_schemer (0.2.18)
      ecma-re-validator (~> 0.3)
      hana (~> 1.3)
      regexp_parser (~> 2.0)
      uri_template (~> 0.7)
    jwt (2.2.3)
    kaminari (1.2.2)
      activesupport (>= 4.1.0)
      kaminari-actionview (= 1.2.2)
      kaminari-activerecord (= 1.2.2)
      kaminari-core (= 1.2.2)
    kaminari-actionview (1.2.2)
      actionview
      kaminari-core (= 1.2.2)
    kaminari-activerecord (1.2.2)
      activerecord
      kaminari-core (= 1.2.2)
    kaminari-core (1.2.2)
    kt-paperclip (7.0.1)
      activemodel (>= 4.2.0)
      activesupport (>= 4.2.0)
      marcel (~> 1.0.1)
      mime-types
      terrapin (~> 0.6.0)
    launchy (2.5.0)
      addressable (~> 2.7)
    letter_opener (1.7.0)
      launchy (~> 2.2)
    license_finder (7.0.1)
      bundler
      rubyzip (>= 1, < 3)
      thor (~> 1.2)
      tomlrb (>= 1.3, < 2.1)
      with_env (= 1.1.0)
      xml-simple (~> 1.1.9)
    listen (3.7.0)
      rb-fsevent (~> 0.10, >= 0.10.3)
      rb-inotify (~> 0.9, >= 0.9.10)
    loofah (2.22.0)
      crass (~> 1.0.2)
      nokogiri (>= 1.12.0)
    mail (2.8.1)
      mini_mime (>= 0.1.1)
      net-imap
      net-pop
      net-smtp
    map-rec (0.0.1)
    marcel (1.0.2)
    matrix (0.4.2)
    maxminddb (0.1.22)
    memoizable (0.4.2)
      thread_safe (~> 0.3, >= 0.3.1)
    meta-tags (2.16.0)
      actionpack (>= 3.2.0, < 7.1)
    meta_request (0.7.3)
      rack-contrib (>= 1.1, < 3)
      railties (>= 3.0.0, < 7)
    method_source (1.0.0)
    mime-types (3.4.1)
      mime-types-data (~> 3.2015)
    mime-types-data (3.2022.0105)
    mimemagic (0.4.3)
      nokogiri (~> 1)
      rake
    mini_magick (4.11.0)
    mini_mime (1.1.5)
    minitest (5.22.2)
    model_attribute (3.2.0)
    momentjs-rails (2.29.1.1)
      railties (>= 3.1)
    msgpack (1.4.2)
    multi_json (1.15.0)
    multi_xml (0.6.0)
    multipart-post (2.1.1)
    mysql2 (0.5.3)
    net-imap (0.4.10)
      date
      net-protocol
    net-pop (0.1.2)
      net-protocol
    net-protocol (0.2.2)
      timeout
    net-scp (3.0.0)
      net-ssh (>= 2.6.5, < 7.0.0)
    net-sftp (3.0.0)
      net-ssh (>= 5.0.0, < 7.0.0)
    net-smtp (0.4.0.1)
      net-protocol
    net-ssh (6.1.0)
    net_http_timeout_errors (0.3.5)
    netrc (0.11.0)
    nginx-conf (0.0.10)
      block-is-hash (~> 0)
      map-rec (~> 0)
    nio4r (2.7.0)
    noid (0.9.0)
    noid-rails (3.0.3)
      actionpack (>= 5.0.0, < 7)
      noid (~> 0.9)
    nokogiri (1.16.5-arm64-darwin)
      racc (~> 1.4)
    nokogiri (1.16.5-x86_64-darwin)
      racc (~> 1.4)
    nokogiri (1.16.5-x86_64-linux)
      racc (~> 1.4)
    oga (3.3)
      ast
      ruby-ll (~> 2.1)
    omniauth (2.0.4)
      hashie (>= 3.4.6)
      rack (>= 1.6.2, < 3)
      rack-protection
    omniauth-multi-provider-saml (0.1.0)
      omniauth
      omniauth-saml
    omniauth-rails_csrf_protection (1.0.0)
      actionpack (>= 4.2)
      omniauth (~> 2.0)
    omniauth-saml (2.0.0)
      omniauth (~> 2.0)
      ruby-saml (~> 1.9)
    open_uri_redirections (0.2.1)
    orm_adapter (0.5.0)
    os (1.0.1)
    ostruct (0.5.5)
    parallel (1.21.0)
    paranoia (2.5.0)
      activerecord (>= 5.1, < 7.1)
    parser (3.1.0.0)
      ast (~> 2.4.1)
    parslet (2.0.0)
    pr_geohash (1.0.0)
    pry (0.14.1)
      coderay (~> 1.1)
      method_source (~> 1.0)
    pry-rails (0.3.9)
      pry (>= 0.10.4)
    pry-remote (0.1.8)
      pry (~> 0.9)
      slop (~> 3.0)
    pry-stack_explorer (0.4.9.3)
      binding_of_caller (>= 0.7)
      pry (>= 0.9.11)
    public_suffix (4.0.6)
    puma (5.6.8)
      nio4r (~> 2.0)
    racc (1.7.3)
    rack (2.2.8.1)
    rack-accept (0.4.5)
      rack (>= 0.4)
    rack-attack (6.6.0)
      rack (>= 1.0, < 3)
    rack-contrib (2.3.0)
      rack (~> 2.0)
    rack-cors (1.1.1)
      rack (>= 2.0.0)
    rack-mini-profiler (2.3.3)
      rack (>= 1.2.0)
    rack-protection (2.1.0)
      rack
    rack-test (2.1.0)
      rack (>= 1.3)
    rails (6.1.7.7)
      actioncable (= 6.1.7.7)
      actionmailbox (= 6.1.7.7)
      actionmailer (= 6.1.7.7)
      actionpack (= 6.1.7.7)
      actiontext (= 6.1.7.7)
      actionview (= 6.1.7.7)
      activejob (= 6.1.7.7)
      activemodel (= 6.1.7.7)
      activerecord (= 6.1.7.7)
      activestorage (= 6.1.7.7)
      activesupport (= 6.1.7.7)
      bundler (>= 1.15.0)
      railties (= 6.1.7.7)
      sprockets-rails (>= 2.0.0)
    rails-autocomplete (2.0.1)
      rails (>= 4.0)
    rails-controller-testing (1.0.5)
      actionpack (>= 5.0.1.rc1)
      actionview (>= 5.0.1.rc1)
      activesupport (>= 5.0.1.rc1)
    rails-dom-testing (2.2.0)
      activesupport (>= 5.0.0)
      minitest
      nokogiri (>= 1.6)
    rails-erd (1.5.2)
      activerecord (>= 3.2)
      activesupport (>= 3.2)
      choice (~> 0.2.0)
      ruby-graphviz (~> 1.2)
    rails-html-sanitizer (1.6.0)
      loofah (~> 2.21)
      nokogiri (~> 1.14)
    rails-letsencrypt (0.10.1)
      acme-client (~> 2.0.0)
      rails (>= 5.0)
      redis
    rails_same_site_cookie (0.1.9)
      rack (>= 1.5)
      user_agent_parser (~> 2.6)
    railties (6.1.7.7)
      actionpack (= 6.1.7.7)
      activesupport (= 6.1.7.7)
      method_source
      rake (>= 12.2)
      thor (~> 1.0)
    rainbow (3.1.1)
    rake (13.1.0)
    rb-fsevent (0.11.0)
    rb-inotify (0.10.1)
      ffi (~> 1.0)
    rbtree (0.4.4)
    recaptcha (5.8.1)
      json
    redis (5.0.6)
      redis-client (>= 0.9.0)
    redis-client (0.17.0)
      connection_pool
    regexp_parser (2.2.0)
    regexp_property_values (1.2.0)
    remove_emoji (3.0.1)
    request_store (1.5.0)
      rack (>= 1.4)
    responders (3.1.1)
      actionpack (>= 5.2)
      railties (>= 5.2)
    rest-client (2.1.0)
      http-accept (>= 1.7.0, < 2.0)
      http-cookie (>= 1.0.2, < 2.0)
      mime-types (>= 1.16, < 4.0)
      netrc (~> 0.8)
    retriable (3.1.2)
    rexml (3.2.8)
      strscan (>= 3.0.9)
    rqrcode (2.1.0)
      chunky_png (~> 1.0)
      rqrcode_core (~> 1.0)
    rqrcode_core (1.2.0)
    rsolr (2.4.0)
      builder (>= 2.1.2)
      faraday (>= 0.9.0)
    rspec (3.10.0)
      rspec-core (~> 3.10.0)
      rspec-expectations (~> 3.10.0)
      rspec-mocks (~> 3.10.0)
    rspec-activemodel-mocks (1.1.0)
      activemodel (>= 3.0)
      activesupport (>= 3.0)
      rspec-mocks (>= 2.99, < 4.0)
    rspec-core (3.10.1)
      rspec-support (~> 3.10.0)
    rspec-expectations (3.10.2)
      diff-lcs (>= 1.2.0, < 2.0)
      rspec-support (~> 3.10.0)
    rspec-its (1.3.0)
      rspec-core (>= 3.0.0)
      rspec-expectations (>= 3.0.0)
    rspec-mocks (3.10.2)
      diff-lcs (>= 1.2.0, < 2.0)
      rspec-support (~> 3.10.0)
    rspec-rails (5.1.0)
      actionpack (>= 5.2)
      activesupport (>= 5.2)
      railties (>= 5.2)
      rspec-core (~> 3.10)
      rspec-expectations (~> 3.10)
      rspec-mocks (~> 3.10)
      rspec-support (~> 3.10)
    rspec-support (3.10.3)
    rubocop (1.25.1)
      parallel (~> 1.10)
      parser (>= 3.1.0.0)
      rainbow (>= 2.2.2, < 4.0)
      regexp_parser (>= 1.8, < 3.0)
      rexml
      rubocop-ast (>= 1.15.1, < 2.0)
      ruby-progressbar (~> 1.7)
      unicode-display_width (>= 1.4.0, < 3.0)
    rubocop-ast (1.15.1)
      parser (>= 3.0.1.1)
    rubocop-performance (1.13.2)
      rubocop (>= 1.7.0, < 2.0)
      rubocop-ast (>= 0.4.0)
    rubocop-rails (2.13.2)
      activesupport (>= 4.2.0)
      rack (>= 1.1)
      rubocop (>= 1.7.0, < 2.0)
    rubocop-rake (0.6.0)
      rubocop (~> 1.0)
    rubocop-rspec (2.8.0)
      rubocop (~> 1.19)
    ruby-graphviz (1.2.3)
    ruby-ll (2.1.2)
      ansi
      ast
    ruby-progressbar (1.11.0)
    ruby-saml (1.13.0)
      nokogiri (>= 1.10.5)
      rexml
    ruby2_keywords (0.0.5)
    rubyzip (2.3.2)
    safely_block (0.3.0)
      errbase (>= 0.1.1)
    sanitize (6.0.2)
      crass (~> 1.0.2)
      nokogiri (>= 1.12.0)
    sass-rails (6.0.0)
      sassc-rails (~> 2.1, >= 2.1.1)
    sassc (2.4.0)
      ffi (~> 1.9)
    sassc-rails (2.1.2)
      railties (>= 4.0.0)
      sassc (>= 2.0)
      sprockets (> 3.0)
      sprockets-rails
      tilt
    selenium-webdriver (4.1.0)
      childprocess (>= 0.5, < 5.0)
      rexml (~> 3.2, >= 3.2.5)
      rubyzip (>= 1.2.2)
    set (1.0.2)
    shoulda-matchers (5.1.0)
      activesupport (>= 5.2.0)
    sidekiq (7.1.3)
      concurrent-ruby (< 2)
      connection_pool (>= 2.3.0)
      rack (>= 2.2.4)
      redis-client (>= 0.14.0)
    sidekiq-limit_fetch (4.4.1)
      sidekiq (>= 6)
    simple_form (5.1.0)
      actionpack (>= 5.2)
      activemodel (>= 5.2)
    simple_hubspot (0.1.5)
      rest-client
    simple_po_parser (1.1.5)
    simple_uuid (0.4.0)
    simplecov (0.21.2)
      docile (~> 1.1)
      simplecov-html (~> 0.11)
      simplecov_json_formatter (~> 0.1)
    simplecov-html (0.12.3)
    simplecov_json_formatter (0.1.3)
    sitemap_generator (6.1.2)
      builder (~> 3.0)
    sixarm_ruby_unaccent (1.2.0)
    slop (3.6.0)
    social-share-button (1.2.4)
      coffee-rails
    solr_wrapper (3.1.2)
      http
      retriable
      ruby-progressbar
      rubyzip
    sort_alphabetical (1.1.0)
      unicode_utils (>= 1.2.2)
    sorted_set (1.0.3)
      rbtree
      set (~> 1.0)
    soundcloud (0.3.5)
      hashie
      httmultiparty (~> 0.3.0)
    spring (4.0.0)
    sprockets (4.2.1)
      concurrent-ruby (~> 1.0)
      rack (>= 2.2.4, < 4)
    sprockets-rails (3.4.2)
      actionpack (>= 5.2)
      activesupport (>= 5.2)
      sprockets (>= 3.0.0)
    sqlite3 (1.4.2)
    sshkit (1.21.2)
      net-scp (>= 1.1.2)
      net-ssh (>= 2.8.0)
    streamio-ffmpeg (3.0.2)
      multi_json (~> 1.8)
    stripe (5.42.0)
    stripe_event (2.3.1)
      activesupport (>= 3.1)
      stripe (>= 2.8, < 6)
    strscan (3.1.0)
    sunspot (2.5.0)
      pr_geohash (~> 1.0)
      rsolr (>= 1.1.1, < 3)
    sunspot_rails (2.5.0)
      rails (>= 3)
      sunspot (= 2.5.0)
    sunspot_solr (2.5.0)
    taxjar-ruby (3.0.2)
      addressable (~> 2.3)
      http (>= 4.3, < 5.0)
      memoizable (~> 0.4.0)
      model_attribute (~> 3.2)
    terrapin (0.6.0)
      climate_control (>= 0.0.3, < 1.0)
    thor (1.3.1)
    thread_safe (0.3.6)
    tilt (2.0.10)
    timeout (0.4.1)
    tinymce-rails (5.10.2)
      railties (>= 3.1.1)
    tomlrb (2.0.1)
    treehash (0.0.2)
    turbolinks (5.2.1)
      turbolinks-source (~> 5.2)
    turbolinks-source (5.2.0)
    turnout (2.5.0)
      i18n (>= 0.7, < 2)
      rack (>= 1.3, < 3)
      rack-accept (~> 0.4)
      tilt (>= 1.4, < 3)
    tzinfo (2.0.6)
      concurrent-ruby (~> 1.0)
    unf (0.1.4)
      unf_ext
    unf_ext (0.0.8)
    unicode-display_width (2.1.0)
    unicode_utils (1.4.0)
    uri_template (0.7.0)
    user_agent_parser (2.8.0)
    video_info (3.0.2)
      iso8601 (~> 0.9.1)
      net_http_timeout_errors (~> 0.3.0)
      oga (~> 3.0)
    view_component (3.9.0)
      activesupport (>= 5.2.0, < 8.0)
      concurrent-ruby (~> 1.0)
      method_source (~> 1.0)
    warden (1.2.9)
      rack (>= 2.0.9)
    web-console (4.2.0)
      actionview (>= 6.0.0)
      activemodel (>= 6.0.0)
      bindex (>= 0.4.0)
      railties (>= 6.0.0)
    webdrivers (5.0.0)
      nokogiri (~> 1.6)
      rubyzip (>= 1.3.0)
      selenium-webdriver (~> 4.0)
    websocket-driver (0.7.6)
      websocket-extensions (>= 0.1.0)
    websocket-extensions (0.1.5)
    wicked_pdf (2.1.0)
      activesupport
    with_env (1.1.0)
    with_model (2.1.6)
      activerecord (>= 5.2)
    wkhtmltopdf-binary (0.12.6.5)
    xml-simple (1.1.9)
      rexml
    xpath (3.2.0)
      nokogiri (~> 1.8)
    yomu (0.1.5)
    zeitwerk (2.6.13)

PLATFORMS
  arm64-darwin-21
  arm64-darwin-23
  x86_64-darwin-20
  x86_64-darwin-21
  x86_64-darwin-22
  x86_64-linux

DEPENDENCIES
  actionpack-action_caching
  actionpack-page_caching
  activerecord_json_validator
  ahoy_matey
  attr_encrypted (~> 3.0.0)
  aws-sdk-elastictranscoder (~> 1.0.0.rc1)
  aws-sdk-glacier (~> 1.0.0.rc1)
  aws-sdk-s3
  bcrypt_pbkdf (~> 1)
  best_in_place!
  better_errors
  bigdecimal
  binding_of_caller
  blacklight_advanced_search
  blacklight_range_limit
  bootsnap (>= 1.4.4)
  bootstrap-datepicker-rails
  bootstrap-daterangepicker-rails
  bootstrap-tagsinput-rails
  bootstrap_tokenfield_rails
  breadcrumbs_on_rails
  browser
  byebug
  cancancan
  capistrano
  capistrano-rails
  capistrano-rbenv
  capistrano3-puma
  capybara (>= 3.26)
  capybara-screenshot
  chromedriver-helper
  city-state
  client_side_validations
  clipboard-rails
  cocoon
  codacy-coverage
  countries
  country_select
  curb
  database_cleaner
  devise
  devise_invitable
  devise_token_auth
  docx
  dotenv-rails
  down
  draper
  dry-transaction
  ed25519 (~> 1.2)
  factory_bot_rails
  fog-aws
  geoip
  hiredis
  htmlentities
  ibm_watson
  invisible_captcha
  ip2location_ruby
  iso-639
  jbuilder (~> 2.7)
  jquery-datatables
  jquery-fileupload-rails
  jquery-minicolors-rails
  jquery-rails
  jquery-ui-rails!
  jquery_mask_rails (~> 0.1.0)
  kaminari
  kt-paperclip
  letter_opener
  license_finder
  listen (~> 3.3)
  maxminddb
  meta-tags
  meta_request
  mini_magick
  momentjs-rails
  mysql2 (~> 0.5)
  net-imap
  net-pop
  net-sftp
  net-smtp
  nginx-conf
  noid-rails
  nokogiri
  omniauth-multi-provider-saml
  omniauth-rails_csrf_protection
  open_uri_redirections
  paperclip-compression!
  paranoia (~> 2.2)
  pry
  pry-rails
  pry-remote
  pry-stack_explorer
  puma (~> 5.6)
  rack-attack
  rack-cors (>= 1.0.4)
  rack-mini-profiler (~> 2.0)
  rails (>= 6.1.7.7)
  rails-assets-jquery!
  rails-autocomplete
  rails-controller-testing
  rails-erd
  rails-letsencrypt
  rails_same_site_cookie
  recaptcha
  redis
  remove_emoji
  rest-client
  rqrcode
  rsolr (>= 1.0, < 3)
  rspec
  rspec-activemodel-mocks
  rspec-its
  rspec-rails
  rubocop
  rubocop-ast
  rubocop-performance
  rubocop-rails
  rubocop-rake
  rubocop-rspec
  rubyzip (>= 1.3.0)
  sanitize
  sass-rails (>= 6)
  selenium-webdriver
  shoulda-matchers
  sidekiq
  sidekiq-limit_fetch
  simple_form (>= 5.0.0)
  simple_hubspot
  simple_uuid
  simplecov
  sitemap_generator
  social-share-button
  solr_wrapper (>= 0.3)
  soundcloud
  spring
  sprockets (~> 4)
  sprockets-rails
  sqlite3
  streamio-ffmpeg
  stripe
  stripe_event
  sunspot_rails
  sunspot_solr
  taxjar-ruby
  tinymce-rails
  treehash
  turbolinks (~> 5)
  turnout
  tzinfo-data
  video_info
  web-console (>= 4.1.0)
  webdrivers
  webvtt-ruby!
  wicked_pdf
  with_model
  wkhtmltopdf-binary
  yomu

RUBY VERSION
   ruby 3.1.0p0

BUNDLED WITH
   2.3.3
