GEM
  remote: https://rubygems.org/
  remote: https://rails-assets.org/
  specs:
    actioncable (5.2.4.6)
      actionpack (= 5.2.4.6)
      nio4r (~> 2.0)
      websocket-driver (>= 0.6.1)
    actionmailer (5.2.4.6)
      actionpack (= 5.2.4.6)
      actionview (= 5.2.4.6)
      activejob (= 5.2.4.6)
      mail (~> 2.5, >= 2.5.4)
      rails-dom-testing (~> 2.0)
    actionpack (5.2.4.6)
      actionview (= 5.2.4.6)
      activesupport (= 5.2.4.6)
      rack (~> 2.0, >= 2.0.8)
      rack-test (>= 0.6.3)
      rails-dom-testing (~> 2.0)
      rails-html-sanitizer (~> 1.0, >= 1.0.2)
    actionpack-action_caching (1.2.1)
      actionpack (>= 4.0.0)
    actionpack-page_caching (1.2.2)
      actionpack (>= 5.0.0)
    actionview (5.2.4.6)
      activesupport (= 5.2.4.6)
      builder (~> 3.1)
      erubi (~> 1.4)
      rails-dom-testing (~> 2.0)
      rails-html-sanitizer (~> 1.0, >= 1.0.3)
    activejob (5.2.4.6)
      activesupport (= 5.2.4.6)
      globalid (>= 0.3.6)
    activemodel (5.2.4.6)
      activesupport (= 5.2.4.6)
    activemodel-serializers-xml (1.0.2)
      activemodel (> 5.x)
      activesupport (> 5.x)
      builder (~> 3.1)
    activerecord (5.2.4.6)
      activemodel (= 5.2.4.6)
      activesupport (= 5.2.4.6)
      arel (>= 9.0)
    activerecord_json_validator (1.3.0)
      activerecord (>= 4.2.0, < 7)
      json-schema (~> 2.8)
    activestorage (5.2.4.6)
      actionpack (= 5.2.4.6)
      activerecord (= 5.2.4.6)
      marcel (~> 0.3.1)
    activesupport (5.2.4.6)
      concurrent-ruby (~> 1.0, >= 1.0.2)
      i18n (>= 0.7, < 2)
      minitest (~> 5.1)
      tzinfo (~> 1.1)
    addressable (2.5.2)
      public_suffix (>= 2.0.2, < 4.0)
    ahoy_matey (2.2.0)
      addressable
      browser (~> 2.0)
      device_detector
      geocoder (>= 1.4.5)
      railties (>= 4.2)
      referer-parser (>= 0.3)
      request_store
      safely_block (>= 0.2.1)
      user_agent_parser
    airbrake (10.0.3)
      airbrake-ruby (~> 4.13)
    airbrake-ruby (4.14.1)
      rbtree3 (~> 0.5)
    airbrake-ruby (4.14.1-java)
      rbtree-jruby (~> 0.2)
    airbrussh (1.4.0)
      sshkit (>= 1.6.1, != 1.7.0)
    ansi (1.5.0)
    archive-zip (0.11.0)
      io-like (~> 0.3.0)
    arel (9.0.0)
    ast (2.4.0)
    attr_encrypted (3.0.3)
      encryptor (~> 3.0.0)
    autocomplete_rails (0.4.1)
      rails (>= 4.0, < 5.3)
    autoprefixer-rails (9.7.6)
      execjs
    awesome_print (1.8.0)
    aws-eventstream (1.0.1)
    aws-partitions (1.102.0)
    aws-sdk-core (3.25.0)
      aws-eventstream (~> 1.0)
      aws-partitions (~> 1.0)
      aws-sigv4 (~> 1.0)
      jmespath (~> 1.0)
    aws-sdk-kms (1.7.0)
      aws-sdk-core (~> 3)
      aws-sigv4 (~> 1.0)
    aws-sdk-s3 (1.17.1)
      aws-sdk-core (~> 3, >= 3.21.2)
      aws-sdk-kms (~> 1)
      aws-sigv4 (~> 1.0)
    aws-sigv4 (1.0.3)
    bcrypt (3.1.13)
    bcrypt (3.1.13-java)
    best_in_place (3.1.1)
      actionpack (>= 3.2)
      railties (>= 3.2)
    better_errors (2.5.0)
      coderay (>= 1.0.0)
      erubi (>= 1.0.0)
      rack (>= 0.9.0)
    bindata (2.4.10)
    bindex (0.5.0)
    binding_of_caller (0.8.0)
      debug_inspector (>= 0.0.1)
    blacklight (6.15.0)
      bootstrap-sass (~> 3.2)
      deprecation
      globalid
      jbuilder
      kaminari (>= 0.15)
      nokogiri (~> 1.6)
      rails (>= 4.2, < 6)
      rsolr (>= 1.0.6, < 3)
      twitter-typeahead-rails (= 0.11.1.pre.corejavascript)
    blacklight_advanced_search (6.4.1)
      blacklight (~> 6.0, >= 6.0.1)
      parslet
    blacklight_range_limit (6.3.3)
      blacklight (>= 6.0.2)
      jquery-rails
      rails (>= 3.0)
    bootsnap (1.3.2)
      msgpack (~> 1.0)
    bootsnap (1.3.2-java)
      msgpack (~> 1.0)
    bootstrap-datepicker-rails (1.8.0.1)
      railties (>= 3.0)
    bootstrap-daterangepicker-rails (3.0.3)
      railties (>= 4.0, < 5.3)
    bootstrap-sass (3.4.1)
      autoprefixer-rails (>= 5.2.1)
      sassc (>= 2.0.0)
    bootstrap-tagsinput-rails (0.4.2.1)
      railties (>= 3.1)
    breadcrumbs_on_rails (3.0.1)
    browser (2.5.3)
    builder (3.2.4)
    bullet (6.1.0)
      activesupport (>= 3.0.0)
      uniform_notifier (~> 1.11)
    byebug (10.0.2)
    callsite (0.0.11)
    cancancan (2.2.0)
    capistrano (3.11.0)
      airbrussh (>= 1.0.0)
      i18n
      rake (>= 10.0.0)
      sshkit (>= 1.9.0)
    capistrano-bundler (1.6.0)
      capistrano (~> 3.1)
    capistrano-passenger (0.2.0)
      capistrano (~> 3.0)
    capistrano-rails (1.4.0)
      capistrano (~> 3.1)
      capistrano-bundler (~> 1.1)
    capistrano-rbenv (2.1.4)
      capistrano (~> 3.1)
      sshkit (~> 1.3)
    capistrano3-puma (5.0.4)
      capistrano (~> 3.7)
      capistrano-bundler
      puma (>= 4.0, < 6.0)
    capybara (3.7.0)
      addressable
      mini_mime (>= 0.1.3)
      nokogiri (~> 1.8)
      rack (>= 1.6.0)
      rack-test (>= 0.6.3)
      xpath (~> 3.1)
    capybara-screenshot (1.0.21)
      capybara (>= 1.0, < 4)
      launchy
    childprocess (0.9.0)
      ffi (~> 1.0, >= 1.0.11)
    choice (0.2.0)
    chromedriver-helper (1.2.0)
      archive-zip (~> 0.10)
      nokogiri (~> 1.8)
    city-state (0.0.13)
      rubyzip (~> 1.1)
    client_side_validations (11.1.2)
      jquery-rails (~> 4.3)
      js_regex (~> 2.2)
      rails (>= 5.0.0.1, <= 6.0)
    climate_control (0.2.0)
    clipboard-rails (1.7.1)
    cocoon (1.2.11)
    codacy-coverage (2.0.1)
      simplecov
    coderay (1.1.2)
    coffee-rails (4.2.2)
      coffee-script (>= 2.2.0)
      railties (>= 4.0.0)
    coffee-script (2.4.1)
      coffee-script-source
      execjs
    coffee-script-source (1.12.2)
    concurrent-ruby (1.1.9)
    connection_pool (2.2.2)
    countries (2.1.4)
      i18n_data (~> 0.8.0)
      money (~> 6.9)
      sixarm_ruby_unaccent (~> 1.1)
      unicode_utils (~> 1.4)
    country_select (3.1.1)
      countries (~> 2.0)
      sort_alphabetical (~> 1.0)
    crass (1.0.6)
    curb (0.9.10)
    database_cleaner (1.7.0)
    debug_inspector (0.0.3)
    deprecation (1.0.0)
      activesupport
    device_detector (1.0.1)
    devise (4.7.1)
      bcrypt (~> 3.0)
      orm_adapter (~> 0.1)
      railties (>= 4.1.0)
      responders
      warden (~> 1.2.3)
    devise_invitable (1.7.4)
      actionmailer (>= 4.1.0)
      devise (>= 4.0.0)
    diff-lcs (1.3)
    docile (1.3.1)
    dotenv (2.5.0)
    dotenv-rails (2.5.0)
      dotenv (= 2.5.0)
      railties (>= 3.2, < 6.0)
    draper (3.0.1)
      actionpack (~> 5.0)
      activemodel (~> 5.0)
      activemodel-serializers-xml (~> 1.0)
      activesupport (~> 5.0)
      request_store (~> 1.0)
    dry-configurable (0.7.0)
      concurrent-ruby (~> 1.0)
    dry-container (0.6.0)
      concurrent-ruby (~> 1.0)
      dry-configurable (~> 0.1, >= 0.1.3)
    dry-core (0.4.7)
      concurrent-ruby (~> 1.0)
    dry-equalizer (0.2.1)
    dry-events (0.1.0)
      concurrent-ruby (~> 1.0)
      dry-core (~> 0.4)
      dry-equalizer (~> 0.2)
    dry-matcher (0.7.0)
    dry-monads (1.0.1)
      concurrent-ruby (~> 1.0)
      dry-core (~> 0.4, >= 0.4.4)
      dry-equalizer
    dry-transaction (0.13.0)
      dry-container (>= 0.2.8)
      dry-events (>= 0.1.0)
      dry-matcher (>= 0.7.0)
      dry-monads (>= 0.4.0)
    encryptor (3.0.0)
    errbase (0.1.1)
    erubi (1.10.0)
    execjs (2.7.0)
    factory_bot (4.11.0)
      activesupport (>= 3.0.0)
    factory_bot_rails (4.11.0)
      factory_bot (~> 4.11.0)
      railties (>= 3.0.0)
    faraday (0.15.3)
      multipart-post (>= 1.2, < 3)
    ffi (1.12.2)
    ffi (1.12.2-java)
    ffi (1.12.2-x64-mingw32)
    ffi (1.12.2-x86-mingw32)
    geocoder (1.6.3)
    geoip (1.6.4)
    globalid (0.4.2)
      activesupport (>= 4.2.0)
    hashie (4.1.0)
    httmultiparty (0.3.16)
      httparty (>= 0.7.3)
      mimemagic
      multipart-post
    httparty (0.16.2)
      multi_xml (>= 0.5.2)
    i18n (1.0.1)
      concurrent-ruby (~> 1.0)
    i18n_data (0.8.0)
    io-like (0.3.0)
    ip2location_ruby (8.1.0)
      bindata
    iso-639 (0.2.8)
    iso8601 (0.9.1)
    jbuilder (2.7.0)
      activesupport (>= 4.2.0)
      multi_json (>= 1.2)
    jmespath (1.4.0)
    jquery-datatables (1.10.19.1)
    jquery-fileupload-rails (0.4.7)
      actionpack (>= 3.1)
      railties (>= 3.1)
      sass (>= 3.2)
    jquery-minicolors-rails (2.2.6.1)
      jquery-rails
      rails (>= 3.2.8)
    jquery-rails (4.4.0)
      rails-dom-testing (>= 1, < 3)
      railties (>= 4.2.0)
      thor (>= 0.14, < 2.0)
    jquery-ui-rails (6.0.1)
      railties (>= 3.2.16)
    js_regex (2.2.2)
      regexp_parser (>= 0.5.0, <= 0.6.0)
    json (2.5.1)
    json (2.5.1-java)
    json-schema (2.8.1)
      addressable (>= 2.4)
    kaminari (1.2.1)
      activesupport (>= 4.1.0)
      kaminari-actionview (= 1.2.1)
      kaminari-activerecord (= 1.2.1)
      kaminari-core (= 1.2.1)
    kaminari-actionview (1.2.1)
      actionview
      kaminari-core (= 1.2.1)
    kaminari-activerecord (1.2.1)
      activerecord
      kaminari-core (= 1.2.1)
    kaminari-core (1.2.1)
    launchy (2.4.3)
      addressable (~> 2.3)
    launchy (2.4.3-java)
      addressable (~> 2.3)
      spoon (~> 0.0.1)
    letter_opener (1.6.0)
      launchy (~> 2.2)
    listen (3.1.5)
      rb-fsevent (~> 0.9, >= 0.9.4)
      rb-inotify (~> 0.9, >= 0.9.7)
      ruby_dep (~> 1.2)
    loofah (2.10.0)
      crass (~> 1.0.2)
      nokogiri (>= 1.5.9)
    mail (2.7.1)
      mini_mime (>= 0.1.1)
    marcel (0.3.3)
      mimemagic (~> 0.3.2)
    maxminddb (0.1.22)
    meta-tags (2.10.0)
      actionpack (>= 3.2.0, < 5.3)
    meta_request (0.6.0)
      callsite (~> 0.0, >= 0.0.11)
      rack-contrib (>= 1.1, < 3)
      railties (>= 3.0.0, < 6)
    method_source (0.9.2)
    mime-types (3.2.2)
      mime-types-data (~> 3.2015)
    mime-types-data (3.2018.0812)
    mimemagic (0.3.10)
      nokogiri (~> 1)
      rake
    mini_mime (1.1.0)
    mini_portile2 (2.5.3)
    minitest (5.14.4)
    momentjs-rails (2.20.1)
      railties (>= 3.1)
    money (6.12.0)
      i18n (>= 0.6.4, < 1.1)
    msgpack (1.2.4)
    msgpack (1.2.4-java)
    msgpack (1.2.4-x64-mingw32)
    msgpack (1.2.4-x86-mingw32)
    multi_json (1.13.1)
    multi_xml (0.6.0)
    multipart-post (2.0.0)
    mysql2 (0.5.2)
    mysql2 (0.5.2-x64-mingw32)
    mysql2 (0.5.2-x86-mingw32)
    mysql2 (0.5.2-x86-mswin32-60)
    net-scp (3.0.0)
      net-ssh (>= 2.6.5, < 7.0.0)
    net-ssh (6.1.0)
    net_http_timeout_errors (0.3.3)
    nio4r (2.5.7)
    nio4r (2.5.7-java)
    noid (0.9.0)
    noid-rails (3.0.0)
      actionpack (>= 5.0.0, < 6)
      noid (~> 0.9)
    nokogiri (1.11.7)
      mini_portile2 (~> 2.5.0)
      racc (~> 1.4)
    nokogiri (1.11.7-java)
      racc (~> 1.4)
    nokogiri (1.11.7-x64-mingw32)
      racc (~> 1.4)
    nokogiri (1.11.7-x86-mingw32)
      racc (~> 1.4)
    nokogumbo (2.0.2)
      nokogiri (~> 1.8, >= 1.8.4)
    oga (2.15)
      ast
      ruby-ll (~> 2.1)
    oga (2.15-java)
      ast
      ruby-ll (~> 2.1)
    open_uri_redirections (0.2.1)
    orm_adapter (0.5.0)
    os (1.0.0)
    paperclip (6.0.0)
      activemodel (>= 4.2.0)
      activesupport (>= 4.2.0)
      mime-types
      mimemagic (~> 0.3.0)
      terrapin (~> 0.6.0)
    paperclip-compression (1.0.1)
      os (~> 1.0.0)
      paperclip (>= 5.2.1)
    parallel (1.12.1)
    parser (2.5.3.0)
      ast (~> 2.4.0)
    parslet (1.8.2)
    powerpack (0.1.2)
    pr_geohash (1.0.0)
    pry (0.11.3)
      coderay (~> 1.1.0)
      method_source (~> 0.9.0)
    pry (0.11.3-java)
      coderay (~> 1.1.0)
      method_source (~> 0.9.0)
      spoon (~> 0.0)
    pry-rails (0.3.6)
      pry (>= 0.10.4)
    public_suffix (3.0.3)
    puma (5.3.1)
      nio4r (~> 2.0)
    puma (5.3.1-java)
      nio4r (~> 2.0)
    racc (1.5.2)
    racc (1.5.2-java)
    rack (2.2.3)
    rack-attack (6.1.0)
      rack (>= 1.0, < 3)
    rack-contrib (2.0.1)
      rack (~> 2.0)
    rack-cors (1.1.1)
      rack (>= 2.0.0)
    rack-protection (2.0.4)
      rack
    rack-test (1.1.0)
      rack (>= 1.0, < 3)
    rails (5.2.4.6)
      actioncable (= 5.2.4.6)
      actionmailer (= 5.2.4.6)
      actionpack (= 5.2.4.6)
      actionview (= 5.2.4.6)
      activejob (= 5.2.4.6)
      activemodel (= 5.2.4.6)
      activerecord (= 5.2.4.6)
      activestorage (= 5.2.4.6)
      activesupport (= 5.2.4.6)
      bundler (>= 1.3.0)
      railties (= 5.2.4.6)
      sprockets-rails (>= 2.0.0)
    rails-assets-jquery (3.3.1)
    rails-controller-testing (1.0.2)
      actionpack (~> 5.x, >= 5.0.1)
      actionview (~> 5.x, >= 5.0.1)
      activesupport (~> 5.x)
    rails-dom-testing (2.0.3)
      activesupport (>= 4.2.0)
      nokogiri (>= 1.6)
    rails-erd (1.5.2)
      activerecord (>= 3.2)
      activesupport (>= 3.2)
      choice (~> 0.2.0)
      ruby-graphviz (~> 1.2)
    rails-html-sanitizer (1.3.0)
      loofah (~> 2.3)
    railties (5.2.4.6)
      actionpack (= 5.2.4.6)
      activesupport (= 5.2.4.6)
      method_source
      rake (>= 0.8.7)
      thor (>= 0.19.0, < 2.0)
    rainbow (2.2.2)
      rake
    rake (13.0.3)
    rb-fsevent (0.10.4)
    rb-inotify (0.10.1)
      ffi (~> 1.0)
    rbtree-jruby (0.2.1)
    rbtree3 (0.6.0)
    redis (4.0.2)
    redis-actionpack (5.0.2)
      actionpack (>= 4.0, < 6)
      redis-rack (>= 1, < 3)
      redis-store (>= 1.1.0, < 2)
    redis-activesupport (5.0.7)
      activesupport (>= 3, < 6)
      redis-store (>= 1.3, < 2)
    redis-rack (2.0.5)
      rack (>= 1.5, < 3)
      redis-store (>= 1.2, < 2)
    redis-rails (5.0.2)
      redis-actionpack (>= 5.0, < 6)
      redis-activesupport (>= 5.0, < 6)
      redis-store (>= 1.2, < 2)
    redis-store (1.6.0)
      redis (>= 2.2, < 5)
    referer-parser (0.3.0)
    regexp_parser (0.5.0)
    request_store (1.4.1)
      rack (>= 1.4)
    responders (3.0.0)
      actionpack (>= 5.0)
      railties (>= 5.0)
    retriable (3.1.2)
    rsolr (2.2.1)
      builder (>= 2.1.2)
      faraday (>= 0.9.0)
    rspec (3.8.0)
      rspec-core (~> 3.8.0)
      rspec-expectations (~> 3.8.0)
      rspec-mocks (~> 3.8.0)
    rspec-activemodel-mocks (1.0.3)
      activemodel (>= 3.0)
      activesupport (>= 3.0)
      rspec-mocks (>= 2.99, < 4.0)
    rspec-core (3.8.0)
      rspec-support (~> 3.8.0)
    rspec-expectations (3.8.1)
      diff-lcs (>= 1.2.0, < 2.0)
      rspec-support (~> 3.8.0)
    rspec-its (1.2.0)
      rspec-core (>= 3.0.0)
      rspec-expectations (>= 3.0.0)
    rspec-mocks (3.8.0)
      diff-lcs (>= 1.2.0, < 2.0)
      rspec-support (~> 3.8.0)
    rspec-rails (3.8.0)
      actionpack (>= 3.0)
      activesupport (>= 3.0)
      railties (>= 3.0)
      rspec-core (~> 3.8.0)
      rspec-expectations (~> 3.8.0)
      rspec-mocks (~> 3.8.0)
      rspec-support (~> 3.8.0)
    rspec-support (3.8.0)
    rubocop (0.49.1)
      parallel (~> 1.10)
      parser (>= 2.3.3.1, < 3.0)
      powerpack (~> 0.1)
      rainbow (>= 1.99.1, < 3.0)
      ruby-progressbar (~> 1.7)
      unicode-display_width (~> 1.0, >= 1.0.1)
    ruby-graphviz (1.2.3)
    ruby-ll (2.1.2)
      ansi
      ast
    ruby-ll (2.1.2-java)
      ansi
      ast
    ruby-progressbar (1.10.0)
    ruby_dep (1.5.0)
    rubyzip (1.3.0)
    safely_block (0.2.1)
      errbase
    sanitize (5.2.1)
      crass (~> 1.0.2)
      nokogiri (>= 1.8.0)
      nokogumbo (~> 2.0)
    sass (3.7.4)
      sass-listen (~> 4.0.0)
    sass-listen (4.0.0)
      rb-fsevent (~> 0.9, >= 0.9.4)
      rb-inotify (~> 0.9, >= 0.9.7)
    sass-rails (5.0.7)
      railties (>= 4.0.0, < 6)
      sass (~> 3.1)
      sprockets (>= 2.8, < 4.0)
      sprockets-rails (>= 2.0, < 4.0)
      tilt (>= 1.1, < 3)
    sassc (2.3.0)
      ffi (~> 1.9)
    sassc (2.3.0-x64-mingw32)
      ffi (~> 1.9)
    selenium-webdriver (3.14.0)
      childprocess (~> 0.5)
      rubyzip (~> 1.2)
    shoulda-matchers (3.1.2)
      activesupport (>= 4.0.0)
    sidekiq (5.2.2)
      connection_pool (~> 2.2, >= 2.2.2)
      rack-protection (>= 1.5.0)
      redis (>= 3.3.5, < 5)
    simple_form (5.0.2)
      actionpack (>= 5.0)
      activemodel (>= 5.0)
    simplecov (0.16.1)
      docile (~> 1.1)
      json (>= 1.8, < 3)
      simplecov-html (~> 0.10.0)
    simplecov-html (0.10.2)
    sitemap_generator (6.1.0)
      builder (~> 3.0)
    sixarm_ruby_unaccent (1.2.0)
    solr_wrapper (2.0.0)
      faraday
      retriable
      ruby-progressbar
      rubyzip
    sort_alphabetical (1.1.0)
      unicode_utils (>= 1.2.2)
    soundcloud (0.3.4)
      hashie
      httmultiparty (~> 0.3.0)
    spoon (0.0.6)
      ffi
    spring (2.0.2)
      activesupport (>= 4.2)
    spring-watcher-listen (2.0.1)
      listen (>= 2.7, < 4.0)
      spring (>= 1.2, < 3.0)
    sprockets (3.7.2)
      concurrent-ruby (~> 1.0)
      rack (> 1, < 3)
    sprockets-rails (3.2.2)
      actionpack (>= 4.0)
      activesupport (>= 4.0)
      sprockets (>= 3.0.0)
    sqlite3 (1.3.13)
    sqlite3 (1.3.13-x64-mingw32)
    sqlite3 (1.3.13-x86-mingw32)
    sqlite3 (1.3.13-x86-mswin32-60)
    sshkit (1.21.2)
      net-scp (>= 1.1.2)
      net-ssh (>= 2.8.0)
    streamio-ffmpeg (3.0.2)
      multi_json (~> 1.8)
    sunspot (2.3.0)
      pr_geohash (~> 1.0)
      rsolr (>= 1.1.1, < 3)
    sunspot_rails (2.3.0)
      rails (>= 3)
      sunspot (= 2.3.0)
    sunspot_solr (2.3.0)
    terrapin (0.6.0)
      climate_control (>= 0.0.3, < 1.0)
    thor (1.1.0)
    thread_safe (0.3.6)
    thread_safe (0.3.6-java)
    tilt (2.0.8)
    tinymce-rails (5.0.0)
      railties (>= 3.1.1)
    treehash (0.0.2)
    turbolinks (5.2.0)
      turbolinks-source (~> 5.2)
    turbolinks-source (5.2.0)
    twitter-typeahead-rails (0.11.1.pre.corejavascript)
      actionpack (>= 3.1)
      jquery-rails
      railties (>= 3.1)
    tzinfo (1.2.9)
      thread_safe (~> 0.1)
    tzinfo-data (1.2018.7)
      tzinfo (>= 1.0.0)
    uglifier (4.1.18)
      execjs (>= 0.3.0, < 3)
    unicode-display_width (1.4.0)
    unicode_utils (1.4.0)
    uniform_notifier (1.13.0)
    user_agent_parser (2.6.0)
    video_info (2.7)
      iso8601 (~> 0.9.1)
      net_http_timeout_errors (~> 0.3.0)
      oga (~> 2.7)
    warden (1.2.8)
      rack (>= 2.0.6)
    web-console (3.7.0)
      actionview (>= 5.0)
      activemodel (>= 5.0)
      bindex (>= 0.4.0)
      railties (>= 5.0)
    websocket-driver (0.7.5)
      websocket-extensions (>= 0.1.0)
    websocket-driver (0.7.5-java)
      websocket-extensions (>= 0.1.0)
    websocket-extensions (0.1.5)
    webvtt-ruby (0.3.2)
    with_model (2.1.2)
      activerecord (>= 4.2, < 6.0)
    xpath (3.1.0)
      nokogiri (~> 1.8)
    xray-rails (0.3.1)
      rails (>= 3.1.0)

PLATFORMS
  java
  ruby
  x64-mingw32
  x86-mingw32
  x86-mswin32

DEPENDENCIES
  actionpack-action_caching
  actionpack-page_caching
  activerecord_json_validator
  ahoy_matey
  airbrake (>= 10.0.3)
  attr_encrypted (~> 3.0.0)
  autocomplete_rails
  awesome_print
  aws-sdk-s3
  best_in_place
  better_errors
  binding_of_caller
  blacklight_advanced_search
  blacklight_range_limit
  bootsnap
  bootstrap-datepicker-rails
  bootstrap-daterangepicker-rails
  bootstrap-tagsinput-rails
  breadcrumbs_on_rails
  bullet
  byebug
  cancancan
  capistrano (~> 3.10)
  capistrano-passenger (~> 0.2.0)
  capistrano-rails (~> 1.3)
  capistrano-rbenv (~> 2.1)
  capistrano3-puma (~> 5.0)
  capybara
  capybara-screenshot
  chromedriver-helper
  city-state
  client_side_validations
  clipboard-rails
  cocoon
  codacy-coverage
  coffee-rails (~> 4.2)
  countries
  country_select
  curb
  database_cleaner
  devise (>= 4.7.1)
  devise_invitable (~> 1.7.0)
  dotenv-rails
  draper
  dry-transaction
  factory_bot_rails (~> 4.0)
  geoip
  ip2location_ruby
  iso-639
  jbuilder (~> 2.5)
  jquery-datatables
  jquery-fileupload-rails
  jquery-minicolors-rails
  jquery-rails (~> 4.3, >= 4.3.1)
  jquery-ui-rails
  kaminari
  letter_opener
  listen (>= 3.0.5, < 3.2)
  loofah (>= 2.2.3)
  maxminddb
  meta-tags
  meta_request
  momentjs-rails
  mysql2
  noid-rails
  nokogiri (>= 1.11.4)
  open_uri_redirections
  paperclip (~> 6.0.0)
  paperclip-compression
  pry
  pry-rails
  puma
  rack (>= 2.0.6)
  rack-attack
  rack-cors (>= 1.0.4)
  rails (~> 5.2.4.6)
  rails-assets-jquery!
  rails-controller-testing
  rails-erd
  redis-rails
  rsolr (>= 1.0)
  rspec (~> 3.7)
  rspec-activemodel-mocks
  rspec-its
  rspec-rails (~> 3.7)
  rubocop (= 0.49.1)
  rubyzip (>= 1.3.0)
  sanitize
  sass-rails (~> 5.0)
  selenium-webdriver
  shoulda-matchers
  sidekiq
  simple_form (>= 5.0.0)
  simplecov
  sitemap_generator
  solr_wrapper (>= 0.3)
  soundcloud
  spring
  spring-watcher-listen (~> 2.0.0)
  sqlite3
  streamio-ffmpeg
  sunspot_rails
  sunspot_solr
  tinymce-rails
  treehash
  turbolinks (~> 5)
  tzinfo-data
  uglifier (>= 1.3.0)
  video_info
  web-console (>= 3.3.0)
  webvtt-ruby
  with_model
  xray-rails

BUNDLED WITH
   2.1.4
